PATH
  remote: .
  specs:
    ahiru (0.1.0)
      ruby_parser (~> 3.11)

GEM
  remote: https://rubygems.org/
  specs:
    minitest (5.11.3)
    rake (10.5.0)
    ruby_parser (3.11.0)
      sexp_processor (~> 4.9)
    sexp_processor (4.11.0)

PLATFORMS
  ruby

DEPENDENCIES
  bundler (~> 1.16)
  ahiru!
  minitest (~> 5.0)
  rake (~> 10.0)

BUNDLED WITH
   1.16.5
